PATH
  remote: .
  specs:
    cf-turnstile (0.0.1)
      json

GEM
  remote: https://rubygems.org/
  specs:
    addressable (2.6.0)
      public_suffix (>= 2.0.2, < 4.0)
    ast (2.4.2)
    base64 (0.1.1)
    bump (0.8.0)
    byebug (11.0.1)
    coderay (1.1.2)
    concurrent-ruby (1.1.5)
    crack (0.4.3)
      safe_yaml (~> 1.0.0)
    hashdiff (0.3.9)
    i18n (1.6.0)
      concurrent-ruby (~> 1.0)
    json (2.3.0)
    language_server-protocol (3.17.0.3)
    maxitest (3.1.0)
      minitest (>= 5.0.0, < 5.12.0)
    metaclass (0.0.4)
    method_source (0.9.2)
    minitest (5.11.3)
    mocha (1.8.0)
      metaclass (~> 0.0.1)
    parallel (1.23.0)
    parser (3.2.2.3)
      ast (~> 2.4.1)
      racc
    pry (0.12.2)
      coderay (~> 1.1.0)
      method_source (~> 0.9.0)
    pry-byebug (3.7.0)
      byebug (~> 11.0)
      pry (~> 0.10)
    public_suffix (3.0.3)
    racc (1.7.1)
    rainbow (3.1.1)
    rake (12.3.2)
    regexp_parser (2.8.1)
    rexml (3.2.6)
    rubocop (1.56.2)
      base64 (~> 0.1.1)
      json (~> 2.3)
      language_server-protocol (>= 3.17.0)
      parallel (~> 1.10)
      parser (>= 3.2.2.3)
      rainbow (>= 2.2.2, < 4.0)
      regexp_parser (>= 1.8, < 3.0)
      rexml (>= 3.2.5, < 4.0)
      rubocop-ast (>= 1.28.1, < 2.0)
      ruby-progressbar (~> 1.7)
      unicode-display_width (>= 2.4.0, < 3.0)
    rubocop-ast (1.29.0)
      parser (>= 3.2.1.0)
    ruby-progressbar (1.13.0)
    safe_yaml (1.0.5)
    unicode-display_width (2.4.2)
    webmock (3.5.1)
      addressable (>= 2.3.6)
      crack (>= 0.3.2)
      hashdiff

PLATFORMS
  ruby

DEPENDENCIES
  bump
  i18n
  maxitest
  mocha
  pry-byebug
  rake
  rubocop
  turnstile!
  webmock

BUNDLED WITH
   2.4.19
